GIT
  remote: https://github.com/kh0ma-1991/RGCources_Spring_2017-Codebreaker
  revision: 384537d95da53cf9bd3678c49fbf30fa5c73c37d
  branch: for_rack
  specs:
    codebreaker (0.1.0)

GEM
  remote: https://rubygems.org/
  specs:
    diff-lcs (1.3)
    rack (2.0.3)
    rake (10.5.0)
    rspec (3.6.0)
      rspec-core (~> 3.6.0)
      rspec-expectations (~> 3.6.0)
      rspec-mocks (~> 3.6.0)
    rspec-core (3.6.0)
      rspec-support (~> 3.6.0)
    rspec-expectations (3.6.0)
      diff-lcs (>= 1.2.0, < 2.0)
      rspec-support (~> 3.6.0)
    rspec-mocks (3.6.0)
      diff-lcs (>= 1.2.0, < 2.0)
      rspec-support (~> 3.6.0)
    rspec-support (3.6.0)

PLATFORMS
  ruby

DEPENDENCIES
  bundler (~> 1.15)
  codebreaker!
  rack
  rake (~> 10.0)
  rspec (~> 3.0)

RUBY VERSION
   ruby 2.4.0p0

BUNDLED WITH
   1.15.1
