GIT
  remote: https://github.com/kh0ma-1991/RGCources_Spring_2017-Codebreaker
  revision: db24935b2ac3ebf533f21f272608729c01a9b5ee
  branch: for_rack_2023_latest
  specs:
    codebreaker (0.2.0)

GEM
  remote: https://rubygems.org/
  specs:
    diff-lcs (1.5.0)
    rack (3.0.8)
    rack-test (2.1.0)
      rack (>= 1.3)
    rackup (2.1.0)
      rack (>= 3)
      webrick (~> 1.8)
    rake (13.1.0)
    rspec (3.12.0)
      rspec-core (~> 3.12.0)
      rspec-expectations (~> 3.12.0)
      rspec-mocks (~> 3.12.0)
    rspec-core (3.12.2)
      rspec-support (~> 3.12.0)
    rspec-expectations (3.12.3)
      diff-lcs (>= 1.2.0, < 2.0)
      rspec-support (~> 3.12.0)
    rspec-mocks (3.12.6)
      diff-lcs (>= 1.2.0, < 2.0)
      rspec-support (~> 3.12.0)
    rspec-support (3.12.1)
    webrick (1.8.1)

PLATFORMS
  ruby

DEPENDENCIES
  bundler (~> 2.4.10)
  codebreaker!
  rack (~> 3.0.8)
  rack-test
  rackup (~> 2.1.0)
  rake (~> 13.1.0)
  rspec (~> 3.12.0)

RUBY VERSION
   ruby 3.2.2

BUNDLED WITH
   2.4.22
