GIT
  remote: https://github.com/kh0ma-1991/RGCources_Spring_2017-Codebreaker
  revision: aed7ad0261f5ab622a1277072c208b5e43572fbc
  branch: for_rack
  specs:
    codebreaker (0.1.0)

GEM
  specs:
    ast (2.3.0)
    diff-lcs (1.3)
    parallel (1.11.2)
    parser (2.4.0.0)
      ast (~> 2.2)
    powerpack (0.1.1)
    rack (2.0.3)
    rainbow (2.2.2)
      rake
    rake (10.5.0)
    rspec (3.6.0)
      rspec-core (~> 3.6.0)
      rspec-expectations (~> 3.6.0)
      rspec-mocks (~> 3.6.0)
    rspec-core (3.6.0)
      rspec-support (~> 3.6.0)
    rspec-expectations (3.6.0)
      diff-lcs (>= 1.2.0, < 2.0)
      rspec-support (~> 3.6.0)
    rspec-mocks (3.6.0)
      diff-lcs (>= 1.2.0, < 2.0)
      rspec-support (~> 3.6.0)
    rspec-support (3.6.0)
    rubocop (0.49.1)
      parallel (~> 1.10)
      parser (>= 2.3.3.1, < 3.0)
      powerpack (~> 0.1)
      rainbow (>= 1.99.1, < 3.0)
      ruby-progressbar (~> 1.7)
      unicode-display_width (~> 1.0, >= 1.0.1)
    ruby-progressbar (1.8.1)
    unicode-display_width (1.3.0)

PLATFORMS
  ruby

DEPENDENCIES
  bundler (~> 1.15)
  codebreaker!
  rack
  rake (~> 10.0)
  rspec (~> 3.0)
  rubocop

RUBY VERSION
   ruby 2.4.0p0

BUNDLED WITH
   1.15.1
